GEM
  remote: https://rubygems.org/
  specs:
    minitest (5.15.0)
    minitest-power_assert (0.3.1)
      minitest
      power_assert (>= 1.1)
    power_assert (2.0.1)

PLATFORMS
  x86_64-linux

DEPENDENCIES
  minitest-power_assert

BUNDLED WITH
   2.3.12
